PATH
  remote: .
  specs:
    walrat (0.1.0.99)

GEM
  remote: https://rubygems.org/
  specs:
    rspec (1.3.0)

PLATFORMS
  ruby

DEPENDENCIES
  rspec (= 1.3.0)
  walrat!
